GEM
  remote: http://rubygems.org/
  specs:
    commonjs (0.2.0)
      therubyracer (~> 0.9.9)
    git (1.2.5)
    github-markup (0.5.3)
    heroku (2.3.6)
      launchy (>= 0.3.2)
      rest-client (~> 1.6.1)
      term-ansicolor (~> 1.0.5)
    launchy (2.0.3)
    less (2.0.8)
      commonjs (~> 0.2.0)
      therubyracer (~> 0.9.9)
    libv8 (3.3.10.4)
    mime-types (1.16)
    rack (1.3.1)
    rack-test (0.6.0)
      rack (>= 1.0)
    rdiscount (1.6.8)
    rest-client (1.6.3)
      mime-types (>= 1.16)
    sinatra (1.2.6)
      rack (~> 1.1)
      tilt (>= 1.2.2, < 2.0)
    term-ansicolor (1.0.5)
    therubyracer (0.9.9)
      libv8 (~> 3.3.10)
    tilt (1.3.2)

PLATFORMS
  ruby

DEPENDENCIES
  git
  github-markup
  heroku
  less
  rack-test
  rdiscount
  sinatra
